ObjectType = Image
NDims = 3
BinaryData = True
BinaryDataByteOrderMSB = False
CompressedData = True
CompressedDataSize = 660190
TransformMatrix = 1 -2.04259e-010 1.85891e-011 2.05103e-010 0.995884 -0.0906326 0 0.0906326 0.995884
Offset = -112.076 -152.799 -77.5155
CenterOfRotation = 0 0 0
AnatomicalOrientation = RAI
ElementSpacing = 1.79688 1.79688 4
DimSize = 128 128 12
ElementType = MET_DOUBLE
ElementDataFile = ProstateX-0200-Ktrans.zraw
