ObjectType = Image
NDims = 3
BinaryData = True
BinaryDataByteOrderMSB = False
CompressedData = True
CompressedDataSize = 1082108
TransformMatrix = 1 -1.91093e-010 7.45041e-011 2.05103e-010 0.931691 -0.363251 0 0.363251 0.931691
Offset = -68.8908 -64.9821 25.1291
CenterOfRotation = 0 0 0
AnatomicalOrientation = RAI
ElementSpacing = 1.5 1.5 4
DimSize = 128 128 16
ElementType = MET_DOUBLE
ElementDataFile = ProstateX-0020-Ktrans.zraw
