ObjectType = Image
NDims = 3
BinaryData = True
BinaryDataByteOrderMSB = False
CompressedData = True
CompressedDataSize = 855442
TransformMatrix = 1 -1.99766e-010 4.6487e-011 2.05103e-010 0.973976 -0.226651 0 0.226651 0.973976
Offset = -98.5005 -80.2623 -7.47532
CenterOfRotation = 0 0 0
AnatomicalOrientation = RAI
ElementSpacing = 1.5 1.5 4
DimSize = 128 128 16
ElementType = MET_DOUBLE
ElementDataFile = ProstateX-0054-Ktrans.zraw
