ObjectType = Image
NDims = 3
BinaryData = True
BinaryDataByteOrderMSB = False
CompressedData = True
CompressedDataSize = 726969
TransformMatrix = 1 -2.04017e-010 2.10831e-011 2.05103e-010 0.994703 -0.102793 0 0.102793 0.994703
Offset = -123.098 -86.9341 -36.1101
CenterOfRotation = 0 0 0
AnatomicalOrientation = RAI
ElementSpacing = 1.5 1.5 4
DimSize = 128 128 16
ElementType = MET_DOUBLE
ElementDataFile = ProstateX-0138-Ktrans.zraw
