ObjectType = Image
NDims = 3
BinaryData = True
BinaryDataByteOrderMSB = False
CompressedData = True
CompressedDataSize = 793559
TransformMatrix = 1 -1.9224e-010 7.14933e-011 2.05103e-010 0.937282 -0.348572 0 0.348572 0.937282
Offset = -98.5005 -69.2 1.64593
CenterOfRotation = 0 0 0
AnatomicalOrientation = RAI
ElementSpacing = 1.5 1.5 3.5
DimSize = 128 128 16
ElementType = MET_DOUBLE
ElementDataFile = ProstateX-0017-Ktrans.zraw
