ObjectType = Image
NDims = 3
BinaryData = True
BinaryDataByteOrderMSB = False
CompressedData = True
CompressedDataSize = 697900
TransformMatrix = 1 -2.00006e-010 4.54404e-011 2.05103e-010 0.975149 -0.221549 0 0.221549 0.975149
Offset = -98.5005 -64.0556 -15.0081
CenterOfRotation = 0 0 0
AnatomicalOrientation = RAI
ElementSpacing = 1.5 1.5 3.8
DimSize = 128 128 16
ElementType = MET_DOUBLE
ElementDataFile = ProstateX-0102-Ktrans.zraw
