ObjectType = Image
NDims = 3
BinaryData = True
BinaryDataByteOrderMSB = False
CompressedData = True
CompressedDataSize = 722605
TransformMatrix = 1 -1.97548e-010 5.51564e-011 2.05103e-010 0.963163 -0.26892 0 0.26892 0.963163
Offset = -81.1511 -65.0881 -78.1586
CenterOfRotation = 0 0 0
AnatomicalOrientation = RAI
ElementSpacing = 1.5 1.5 3.5
DimSize = 128 128 16
ElementType = MET_DOUBLE
ElementDataFile = ProstateX-0178-Ktrans.zraw
