ObjectType = Image
NDims = 3
BinaryData = True
BinaryDataByteOrderMSB = False
CompressedData = True
CompressedDataSize = 695878
TransformMatrix = 1 -1.99684e-010 4.68355e-011 2.05103e-010 0.973579 -0.228351 0 0.228351 0.973579
Offset = -98.6637 -69.0595 -82.2415
CenterOfRotation = 0 0 0
AnatomicalOrientation = RAI
ElementSpacing = 1.5 1.5 3
DimSize = 128 128 16
ElementType = MET_DOUBLE
ElementDataFile = ProstateX-0074-Ktrans.zraw
