ObjectType = Image
NDims = 3
BinaryData = True
BinaryDataByteOrderMSB = False
CompressedData = True
CompressedDataSize = 840732
TransformMatrix = 1 -1.75252e-010 1.06555e-010 2.05103e-010 0.854459 -0.519519 0 0.519519 0.854459
Offset = -83.0788 -70.702 35.7369
CenterOfRotation = 0 0 0
AnatomicalOrientation = RAI
ElementSpacing = 1.5 1.5 4
DimSize = 128 128 16
ElementType = MET_DOUBLE
ElementDataFile = ProstateX-0176-Ktrans.zraw
