ObjectType = Image
NDims = 3
BinaryData = True
BinaryDataByteOrderMSB = False
CompressedData = True
CompressedDataSize = 1003276
TransformMatrix = 1 -2.04054e-010 2.0727e-011 2.05103e-010 0.994881 -0.101056 0 0.101056 0.994881
Offset = -53.1993 -66.6856 -10.7092
CenterOfRotation = 0 0 0
AnatomicalOrientation = RAI
ElementSpacing = 1.5 1.5 3.5
DimSize = 128 128 16
ElementType = MET_DOUBLE
ElementDataFile = ProstateX-0131-Ktrans.zraw
