ObjectType = Image
NDims = 3
BinaryData = True
BinaryDataByteOrderMSB = False
CompressedData = True
CompressedDataSize = 881528
TransformMatrix = 1 -1.97644e-010 5.48115e-011 2.05103e-010 0.96363 -0.267238 0 0.267238 0.96363
Offset = -96.5728 -57.504 -73.0065
CenterOfRotation = 0 0 0
AnatomicalOrientation = RAI
ElementSpacing = 1.5 1.5 3
DimSize = 128 128 16
ElementType = MET_DOUBLE
ElementDataFile = ProstateX-0048-Ktrans.zraw
