ObjectType = Image
NDims = 3
BinaryData = True
BinaryDataByteOrderMSB = False
CompressedData = True
CompressedDataSize = 800825
TransformMatrix = 1 -1.97158e-010 5.65342e-011 2.05103e-010 0.961262 -0.275637 0 0.275637 0.961262
Offset = -98.5005 -73.3332 -26.2938
CenterOfRotation = 0 0 0
AnatomicalOrientation = RAI
ElementSpacing = 1.5 1.5 3.5
DimSize = 128 128 16
ElementType = MET_DOUBLE
ElementDataFile = ProstateX-0035-Ktrans.zraw
