ObjectType = Image
NDims = 3
BinaryData = True
BinaryDataByteOrderMSB = False
CompressedData = True
CompressedDataSize = 859714
TransformMatrix = 1 -1.96859e-010 5.75657e-011 2.05103e-010 0.959805 -0.280667 0 0.280667 0.959805
Offset = -104.284 -71.4054 2.15628
CenterOfRotation = 0 0 0
AnatomicalOrientation = RAI
ElementSpacing = 1.5 1.5 3.5
DimSize = 128 128 16
ElementType = MET_DOUBLE
ElementDataFile = ProstateX-0084-Ktrans.zraw
