ObjectType = Image
NDims = 3
BinaryData = True
BinaryDataByteOrderMSB = False
CompressedData = True
CompressedDataSize = 756755
TransformMatrix = 1 -1.97354e-010 5.58456e-011 2.05103e-010 0.962218 -0.27228 0 0.27228 0.962218
Offset = -102.356 -87.2015 51.1765
CenterOfRotation = 0 0 0
AnatomicalOrientation = RAI
ElementSpacing = 1.5 1.5 5
DimSize = 128 128 16
ElementType = MET_DOUBLE
ElementDataFile = ProstateX-0120-Ktrans.zraw
