ObjectType = Image
NDims = 3
BinaryData = True
BinaryDataByteOrderMSB = False
CompressedData = True
CompressedDataSize = 879870
TransformMatrix = 1 -1.96246e-010 5.9624e-011 2.05103e-010 0.956814 -0.290702 0 0.290702 0.956814
Offset = -98.5005 -65.4149 -42.1184
CenterOfRotation = 0 0 0
AnatomicalOrientation = RAI
ElementSpacing = 1.5 1.5 3
DimSize = 128 128 16
ElementType = MET_DOUBLE
ElementDataFile = ProstateX-0025-Ktrans.zraw
