ObjectType = Image
NDims = 3
BinaryData = True
BinaryDataByteOrderMSB = False
CompressedData = True
CompressedDataSize = 788599
TransformMatrix = 1 -1.97548e-010 5.51564e-011 2.05103e-010 0.963163 -0.26892 0 0.26892 0.963163
Offset = -105.247 -71.2895 100.2
CenterOfRotation = 0 0 0
AnatomicalOrientation = RAI
ElementSpacing = 1.5 1.5 3
DimSize = 128 128 16
ElementType = MET_DOUBLE
ElementDataFile = ProstateX-0044-Ktrans.zraw
