ObjectType = Image
NDims = 3
BinaryData = True
BinaryDataByteOrderMSB = False
CompressedData = True
CompressedDataSize = 775355
TransformMatrix = 1 -1.91736e-010 7.28337e-011 2.05103e-010 0.934826 -0.355107 0 0.355107 0.934826
Offset = -101.392 -62.9175 -30.3393
CenterOfRotation = 0 0 0
AnatomicalOrientation = RAI
ElementSpacing = 1.5 1.5 3.5
DimSize = 128 128 16
ElementType = MET_DOUBLE
ElementDataFile = ProstateX-0167-Ktrans.zraw
