ObjectType = Image
NDims = 3
BinaryData = True
BinaryDataByteOrderMSB = False
CompressedData = True
CompressedDataSize = 809697
TransformMatrix = 1 -1.97834e-010 5.41213e-011 2.05103e-010 0.964557 -0.263873 0 0.263873 0.964557
Offset = -105.247 -61.8481 20.6366
CenterOfRotation = 0 0 0
AnatomicalOrientation = RAI
ElementSpacing = 1.5 1.5 4
DimSize = 128 128 16
ElementType = MET_DOUBLE
ElementDataFile = ProstateX-0194-Ktrans.zraw
