ObjectType = Image
NDims = 3
BinaryData = True
BinaryDataByteOrderMSB = False
CompressedData = True
CompressedDataSize = 685797
TransformMatrix = 1 -2.04017e-010 2.10831e-011 2.05103e-010 0.994703 -0.102793 0 0.102793 0.994703
Offset = -85.9643 -67.8511 5.91872
CenterOfRotation = 0 0 0
AnatomicalOrientation = RAI
ElementSpacing = 1.5 1.5 4
DimSize = 128 128 16
ElementType = MET_DOUBLE
ElementDataFile = ProstateX-0080-Ktrans.zraw
