ObjectType = Image
NDims = 3
BinaryData = True
BinaryDataByteOrderMSB = False
CompressedData = True
CompressedDataSize = 1069442
TransformMatrix = 1 -2.04908e-010 -8.9465e-012 2.05103e-010 0.999048 0.0436194 0 -0.0436194 0.999048
Offset = -117.778 -62.3814 -64.0001
CenterOfRotation = 0 0 0
AnatomicalOrientation = RAI
ElementSpacing = 1.5 1.5 4
DimSize = 128 128 16
ElementType = MET_DOUBLE
ElementDataFile = ProstateX-0125-Ktrans.zraw
