ObjectType = Image
NDims = 3
BinaryData = True
BinaryDataByteOrderMSB = False
CompressedData = True
CompressedDataSize = 860686
TransformMatrix = 1 -2.02955e-010 2.9608e-011 2.05103e-010 0.989526 -0.144356 0 0.144356 0.989526
Offset = -88.8619 -76.5374 -59.7613
CenterOfRotation = 0 0 0
AnatomicalOrientation = RAI
ElementSpacing = 1.5 1.5 3
DimSize = 128 128 16
ElementType = MET_DOUBLE
ElementDataFile = ProstateX-0078-Ktrans.zraw
