ObjectType = Image
NDims = 3
BinaryData = True
BinaryDataByteOrderMSB = False
CompressedData = True
CompressedDataSize = 673721
TransformMatrix = 1 -2.05103e-010 0 2.05103e-010 1 0 0 0 1
Offset = -97.8642 -97.5388 5.6683
CenterOfRotation = 0 0 0
AnatomicalOrientation = RAI
ElementSpacing = 1.5 1.5 3
DimSize = 128 128 16
ElementType = MET_DOUBLE
ElementDataFile = ProstateX-0195-Ktrans.zraw
