ObjectType = Image
NDims = 3
BinaryData = True
BinaryDataByteOrderMSB = False
CompressedData = True
CompressedDataSize = 643666
TransformMatrix = 1 -2.01862e-010 3.63207e-011 2.05103e-010 0.984196 -0.177085 0 0.177085 0.984196
Offset = -107.295 -91.6329 -44.2044
CenterOfRotation = 0 0 0
AnatomicalOrientation = RAI
ElementSpacing = 1.5 1.5 4
DimSize = 128 128 16
ElementType = MET_DOUBLE
ElementDataFile = ProstateX-0079-Ktrans.zraw
