ObjectType = Image
NDims = 3
BinaryData = True
BinaryDataByteOrderMSB = False
CompressedData = True
CompressedDataSize = 815976
TransformMatrix = 1 -1.90568e-010 7.58363e-011 2.05103e-010 0.929133 -0.369747 0 0.369747 0.929133
Offset = -95.6089 -81.8702 -35.4972
CenterOfRotation = 0 0 0
AnatomicalOrientation = RAI
ElementSpacing = 1.5 1.5 4.2
DimSize = 128 128 16
ElementType = MET_DOUBLE
ElementDataFile = ProstateX-0151-Ktrans.zraw
