ObjectType = Image
NDims = 3
BinaryData = True
BinaryDataByteOrderMSB = False
CompressedData = True
CompressedDataSize = 963458
TransformMatrix = 1 -1.89899e-010 7.74964e-011 2.05103e-010 0.925871 -0.377841 0 0.377841 0.925871
Offset = -108.139 -73.8967 11.6961
CenterOfRotation = 0 0 0
AnatomicalOrientation = RAI
ElementSpacing = 1.5 1.5 4
DimSize = 128 128 16
ElementType = MET_DOUBLE
ElementDataFile = ProstateX-0031-Ktrans.zraw
