ObjectType = Image
NDims = 3
BinaryData = True
BinaryDataByteOrderMSB = False
CompressedData = True
CompressedDataSize = 1027339
TransformMatrix = 1 -1.97548e-010 5.51564e-011 2.05103e-010 0.963163 -0.26892 0 0.26892 0.963163
Offset = -85.0813 -66.6939 -6.44496
CenterOfRotation = 0 0 0
AnatomicalOrientation = RAI
ElementSpacing = 1.5 1.5 4
DimSize = 128 128 16
ElementType = MET_DOUBLE
ElementDataFile = ProstateX-0034-Ktrans.zraw
