ObjectType = Image
NDims = 3
BinaryData = True
BinaryDataByteOrderMSB = False
CompressedData = True
CompressedDataSize = 967877
TransformMatrix = 1 -2.04259e-010 1.85891e-011 2.05103e-010 0.995884 -0.0906326 0 0.0906326 0.995884
Offset = -86.9342 -67.2849 -16.1478
CenterOfRotation = 0 0 0
AnatomicalOrientation = RAI
ElementSpacing = 1.5 1.5 3
DimSize = 128 128 16
ElementType = MET_DOUBLE
ElementDataFile = ProstateX-0012-Ktrans.zraw
