ObjectType = Image
NDims = 3
BinaryData = True
BinaryDataByteOrderMSB = False
CompressedData = True
CompressedDataSize = 855772
TransformMatrix = 1 -1.95611e-010 6.16758e-011 2.05103e-010 0.953717 -0.300706 0 0.300706 0.953717
Offset = -98.5005 -69.4498 -0.553742
CenterOfRotation = 0 0 0
AnatomicalOrientation = RAI
ElementSpacing = 1.5 1.5 3.5
DimSize = 128 128 16
ElementType = MET_DOUBLE
ElementDataFile = ProstateX-0018-Ktrans.zraw
