ObjectType = Image
NDims = 3
BinaryData = True
BinaryDataByteOrderMSB = False
CompressedData = True
CompressedDataSize = 764535
TransformMatrix = 1 -1.90302e-010 7.65011e-011 2.05103e-010 0.927836 -0.372988 0 0.372988 0.927836
Offset = -93.6812 -73.3994 28.4162
CenterOfRotation = 0 0 0
AnatomicalOrientation = RAI
ElementSpacing = 1.5 1.5 4.5
DimSize = 128 128 16
ElementType = MET_DOUBLE
ElementDataFile = ProstateX-0162-Ktrans.zraw
