ObjectType = Image
NDims = 3
BinaryData = True
BinaryDataByteOrderMSB = False
CompressedData = True
CompressedDataSize = 832127
TransformMatrix = 1 -2.02231e-010 3.42048e-011 2.05103e-010 0.985996 -0.166769 0 0.166769 0.985996
Offset = -86.9342 -77.1523 -47.372
CenterOfRotation = 0 0 0
AnatomicalOrientation = RAI
ElementSpacing = 1.5 1.5 4
DimSize = 128 128 16
ElementType = MET_DOUBLE
ElementDataFile = ProstateX-0175-Ktrans.zraw
