ObjectType = Image
NDims = 3
BinaryData = True
BinaryDataByteOrderMSB = False
CompressedData = True
CompressedDataSize = 893393
TransformMatrix = 1 -1.9866e-010 5.10071e-011 2.05103e-010 0.968583 -0.24869 0 0.24869 0.968583
Offset = -91.7535 -70.5883 -36.5086
CenterOfRotation = 0 0 0
AnatomicalOrientation = RAI
ElementSpacing = 1.5 1.5 3.5
DimSize = 128 128 16
ElementType = MET_DOUBLE
ElementDataFile = ProstateX-0105-Ktrans.zraw
