ObjectType = Image
NDims = 3
BinaryData = True
BinaryDataByteOrderMSB = False
CompressedData = True
CompressedDataSize = 734118
TransformMatrix = 1 -1.81929e-010 9.47062e-011 2.05103e-010 0.887011 -0.461749 0 0.461749 0.887011
Offset = -122.597 -53.4967 -61.4965
CenterOfRotation = 0 0 0
AnatomicalOrientation = RAI
ElementSpacing = 1.5 1.5 4
DimSize = 128 128 16
ElementType = MET_DOUBLE
ElementDataFile = ProstateX-0113-Ktrans.zraw
